GEM
  remote: https://rubygems.org/
  specs:
    facter (2.1.0-x86-mingw32)
      ffi (~> 1.9.3)
      win32-dir (~> 0.4.8)
      win32-security (~> 0.2.5)
      win32console (~> 1.3.2)
    ffi (1.9.3-x86-mingw32)
    stomp (1.3.2)
    sys-admin (1.6.3)
      ffi (>= 1.1.0)
    win32-api (1.5.1-x86-mingw32)
    win32-dir (0.4.9)
      ffi (>= 1.0.0)
    win32-process (0.7.4)
      ffi (>= 1.0.0)
    win32-security (0.2.5)
      ffi
    win32-service (0.8.5)
      ffi
    win32console (1.3.2-x86-mingw32)
    windows-api (0.4.2)
      win32-api (>= 1.4.5)
    windows-pr (1.2.3)
      win32-api (>= 1.4.5)
      windows-api (>= 0.4.0)

PLATFORMS
  x86-mingw32

DEPENDENCIES
  facter
  stomp
  sys-admin
  win32-dir
  win32-process
  win32-security
  win32-service
  windows-pr
